PATH
  remote: .
  specs:
    pmsx003 (0.1.0)
      bindata (~> 2.4)
      rbuspirate (>= 0.1.1)
      serialport (~> 1.3)

GEM
  remote: https://rubygems.org/
  specs:
    bindata (2.4.10)
    coderay (1.1.2)
    method_source (0.9.2)
    pry (0.12.2)
      coderay (~> 1.1.0)
      method_source (~> 0.9.0)
    rake (12.3.3)
    rbuspirate (0.1.1)
      serialport (~> 1.3)
    serialport (1.3.1)

PLATFORMS
  ruby

DEPENDENCIES
  pmsx003!
  pry (~> 0.12)
  rake (~> 12.0)

BUNDLED WITH
   2.1.4
